ObjectType = Image
NDims = 3
BinaryData = True
BinaryDataByteOrderMSB = False
CompressedData = False
TransformMatrix = 1 0 0 0 1 0 0 0 1
Offset = -248.279 -106.901 -378.416
CenterOfRotation = 0 0 0
AnatomicalOrientation = RAI
ElementSpacing = 4.41806 4.41806 4.41806
DimSize = 113 62 172
ElementType = MET_FLOAT
ElementDataFile = ct_4mm.raw
