ObjectType = Image
NDims = 3
BinaryData = True
BinaryDataByteOrderMSB = False
CompressedData = False
TransformMatrix = 1 0 0 0 1 0 0 0 1
Offset = -28.380899999999997 17.962780000000009 -78
CenterOfRotation = 0 0 0
AnatomicalOrientation = RAI
ElementSpacing = 3 3 3
ITK_InputFilterName = MetaImageIO
DimSize = 24 13 19
ElementType = MET_UCHAR
ElementDataFile = source_tyroid.raw
