ObjectType = Image
NDims = 3
BinaryData = True
BinaryDataByteOrderMSB = False
CompressedData = False
TransformMatrix = 1 0 0 0 1 0 0 0 1
Offset = -26.25 -32.625 -21
CenterOfRotation = 0 0 0
AnatomicalOrientation = RAI
ElementSpacing = 0.75 0.75 0.75
DimSize = 71 88 57
ElementType = MET_DOUBLE
ElementDataFile = perfusionRateMap.raw
