ObjectType = Image
NDims = 3
BinaryData = True
BinaryDataByteOrderMSB = False
CompressedData = False
TransformMatrix = 1 0 0 0 1 0 0 0 1
Offset = 0 0 0
CenterOfRotation = 0 0 0
AnatomicalOrientation = RAI
ElementSpacing = 10000 10000 10000
ITK_InputFilterName = MetaImageIO
DimSize = 1 1 1
ElementType = MET_SHORT
ElementDataFile = 1-voxels.raw
