ObjectType = Image
NDims = 3
BinaryData = True
BinaryDataByteOrderMSB = False
CompressedData = False
TransformMatrix = 1 0 0 0 1 0 0 0 1
Offset = -50 -50 -50
CenterOfRotation = 0 0 0
AnatomicalOrientation = RAI
ElementSpacing = 100 100 100
DimSize = 2 2 2
ElementType = MET_SHORT
ElementDataFile = phantom.raw
